GEM
  remote: https://rubygems.org/
  specs:
    addressable (2.3.8)
    json-schema (2.5.1)
      addressable (~> 2.3.7)
    minitest (5.5.1)
    slop (4.1.0)

PLATFORMS
  ruby

DEPENDENCIES
  json-schema
  minitest
  slop
